GEM
  remote: https://rubygems.org/
  specs:
    rack (2.0.8)

PLATFORMS
  ruby
  x86_64-darwin-17

DEPENDENCIES
  rack

BUNDLED WITH
   1.17.3
